GEM
  remote: https://rubygems.org/
  specs:
    pastel (0.8.0)
      tty-color (~> 0.5)
    strings (0.2.1)
      strings-ansi (~> 0.2)
      unicode-display_width (>= 1.5, < 3.0)
      unicode_utils (~> 1.4)
    strings-ansi (0.2.0)
    thor (1.3.2)
    tty-box (0.7.0)
      pastel (~> 0.8)
      strings (~> 0.2.0)
      tty-cursor (~> 0.7)
    tty-color (0.6.0)
    tty-cursor (0.7.1)
    tty-spinner (0.9.3)
      tty-cursor (~> 0.7)
    unicode-display_width (2.6.0)
    unicode_utils (1.4.0)

PLATFORMS
  ruby
  x86_64-linux

DEPENDENCIES
  pastel (~> 0.8.0)
  thor (~> 1.3, >= 1.3.2)
  tty-box (~> 0.7.0)
  tty-spinner (~> 0.9.3)

BUNDLED WITH
   2.6.5
