GEM
  remote: https://rubygems.org/
  specs:
    pastel (0.8.0)
      tty-color (~> 0.5)
    thor (1.3.2)
    tty-color (0.6.0)

PLATFORMS
  ruby
  x86_64-linux

DEPENDENCIES
  pastel (~> 0.8.0)
  thor (~> 1.3, >= 1.3.2)

BUNDLED WITH
   2.6.5
